GEM
  remote: https://rubygems.org/
  specs:
    activesupport (6.1.1)
      i18n (>= 1.6, < 2)
      minitest (>= 5.1)
      tzinfo (~> 2.0)
      concurrent-ruby (~> 1.0, >= 1.0.2)
      zeitwerk (~> 2.3)
    clockwork (2.0.4)
      activesupport
      tzinfo
    dotenv (2.7.6)
    foreman (0.87.2)
    i18n (>= 1.6, < 2)
    json (2.5.0)
    minitest (>= 5.1)
    thor (1.1.0)
    thread_safe (0.3.6)
    tzinfo (2.0.4)
      concurrent-ruby (~> 1.0, >=1.0.2)

PLATFORMS
  ruby

DEPENDENCIES
  clockwork
  foreman
  tzinfo
